GEM
  remote: https://rubygems.org/
  specs:
    chbs (0.0.9)
    coffee-script (2.2.0)
      coffee-script-source
      execjs
    coffee-script-source (1.6.3)
    execjs (2.0.2)
    libv8 (3.16.14.3)
    rack (1.5.2)
    rack-protection (1.5.1)
      rack
    ref (1.0.5)
    sinatra (1.4.4)
      rack (~> 1.4)
      rack-protection (~> 1.4)
      tilt (~> 1.3, >= 1.3.4)
    therubyracer (0.12.0)
      libv8 (~> 3.16.14.0)
      ref
    tilt (1.4.1)

PLATFORMS
  ruby

DEPENDENCIES
  chbs (~> 0.0.9)
  coffee-script (~> 2.2.0)
  sinatra (~> 1.4.4)
  therubyracer (~> 0.12.0)
