GEM
  remote: https://rubygems.org/
  specs:
    chbs (0.0.9)
    coffee-script (2.4.1)
      coffee-script-source
      execjs
    coffee-script-source (1.12.2)
    execjs (2.7.0)
    libv8 (3.16.14.19)
    mustermann (1.0.3)
    rack (2.0.6)
    rack-protection (2.0.4)
      rack
    ref (2.0.0)
    sinatra (2.0.4)
      mustermann (~> 1.0)
      rack (~> 2.0)
      rack-protection (= 2.0.4)
      tilt (~> 2.0)
    therubyracer (0.12.3)
      libv8 (~> 3.16.14.15)
      ref
    tilt (2.0.8)

PLATFORMS
  ruby

DEPENDENCIES
  chbs (~> 0.0.9)
  coffee-script (~> 2.4.0)
  sinatra (~> 2.0.4)
  therubyracer (~> 0.12.0)

BUNDLED WITH
   1.17.1
